GEM
  remote: https://rubygems.org/
  specs:
    hpricot (0.8.6)
    mini_portile (0.5.2)
    nokogiri (1.6.1)
      mini_portile (~> 0.5.0)
    serviceproxy (0.2.1)
      hpricot
      nokogiri

PLATFORMS
  ruby

DEPENDENCIES
  serviceproxy (~> 0.2.1)
